GEM
  remote: https://rubygems.org/
  specs:
    diff-lcs (1.2.5)
    power_assert (0.1.4)
    rspec (3.3.0)
      rspec-core (~> 3.3.0)
      rspec-expectations (~> 3.3.0)
      rspec-mocks (~> 3.3.0)
    rspec-core (3.3.2)
      rspec-support (~> 3.3.0)
    rspec-expectations (3.3.1)
      diff-lcs (>= 1.2.0, < 2.0)
      rspec-support (~> 3.3.0)
    rspec-mocks (3.3.2)
      diff-lcs (>= 1.2.0, < 2.0)
      rspec-support (~> 3.3.0)
    rspec-support (3.3.0)
    test-unit (3.1.5)
      power_assert

PLATFORMS
  ruby

DEPENDENCIES
  rspec
  test-unit

BUNDLED WITH
   1.10.6
