GEM
  remote: https://rubygems.org/
  specs:
    power_assert (0.1.4)
    test-unit (3.1.5)
      power_assert

PLATFORMS
  ruby

DEPENDENCIES
  test-unit

BUNDLED WITH
   1.10.6
